PATH
  remote: .
  specs:
    parallel_tests (0.8.14)
      parallel

GEM
  remote: http://rubygems.org/
  specs:
    builder (3.0.0)
    coderay (1.0.8)
    columnize (0.3.6)
    cucumber (1.1.4)
      builder (>= 2.1.2)
      diff-lcs (>= 1.1.2)
      gherkin (~> 2.7.1)
      json (>= 1.4.6)
      term-ansicolor (>= 1.0.6)
    diff-lcs (1.1.2)
    gherkin (2.7.6)
      json (>= 1.4.6)
    json (1.6.4)
    linecache (0.46)
      rbx-require-relative (> 0.0.4)
    method_source (0.8.1)
    parallel (0.5.18)
    pry (0.9.10)
      coderay (~> 1.0.5)
      method_source (~> 0.8)
      slop (~> 3.3.1)
    rake (0.8.7)
    rbx-require-relative (0.0.9)
    rspec (2.6.0)
      rspec-core (~> 2.6.0)
      rspec-expectations (~> 2.6.0)
      rspec-mocks (~> 2.6.0)
    rspec-core (2.6.4)
    rspec-expectations (2.6.0)
      diff-lcs (~> 1.1.2)
    rspec-mocks (2.6.0)
    ruby-debug (0.10.4)
      columnize (>= 0.1)
      ruby-debug-base (~> 0.10.4.0)
    ruby-debug-base (0.10.4)
      linecache (>= 0.3)
    slop (3.3.3)
    term-ansicolor (1.0.7)
    test-unit (2.4.4)

PLATFORMS
  ruby

DEPENDENCIES
  cucumber
  parallel_tests!
  pry
  rake
  rspec (>= 2.4)
  ruby-debug
  test-unit
