PATH
  remote: .
  specs:
    parallel_tests (1.6.0)
      parallel

GEM
  remote: https://rubygems.org/
  specs:
    builder (3.2.2)
    bump (0.5.2)
    colorize (0.7.7)
    cucumber (2.0.0)
      builder (>= 2.1.2)
      cucumber-core (~> 1.1.3)
      diff-lcs (>= 1.1.3)
      gherkin (~> 2.12)
      multi_json (>= 1.7.5, < 2.0)
      multi_test (>= 0.1.2)
    cucumber-core (1.1.3)
      gherkin (~> 2.12.0)
    diff-lcs (1.2.5)
    gherkin (2.12.2)
      multi_json (~> 1.3)
    gherkin (2.12.2-java)
      multi_json (~> 1.3)
    gherkin-ruby (0.3.2)
    json (1.8.3)
    json (1.8.3-java)
    minitest (5.5.1)
    multi_json (1.11.1)
    multi_test (0.1.2)
    parallel (1.6.0)
    power_assert (0.2.3)
    rake (10.4.2)
    rspec (3.3.0)
      rspec-core (~> 3.3.0)
      rspec-expectations (~> 3.3.0)
      rspec-mocks (~> 3.3.0)
    rspec-core (3.3.0)
      rspec-support (~> 3.3.0)
    rspec-expectations (3.3.0)
      diff-lcs (>= 1.2.0, < 2.0)
      rspec-support (~> 3.3.0)
    rspec-mocks (3.3.0)
      diff-lcs (>= 1.2.0, < 2.0)
      rspec-support (~> 3.3.0)
    rspec-support (3.3.0)
    spinach (0.8.10)
      colorize
      gherkin-ruby (>= 0.3.2)
      json
    test-unit (3.1.2)
      power_assert

PLATFORMS
  java
  ruby

DEPENDENCIES
  bump
  cucumber (~> 2.0)
  minitest (~> 5.5.0)
  parallel_tests!
  rake
  rspec (~> 3.3)
  spinach
  test-unit

BUNDLED WITH
   1.10.5
