PATH
  remote: .
  specs:
    parallel_tests (0.12.4)
      parallel

GEM
  remote: https://rubygems.org/
  specs:
    builder (3.0.0)
    bump (0.3.8)
    cucumber (1.1.4)
      builder (>= 2.1.2)
      diff-lcs (>= 1.1.2)
      gherkin (~> 2.7.1)
      json (>= 1.4.6)
      term-ansicolor (>= 1.0.6)
    diff-lcs (1.2.4)
    gherkin (2.7.6)
      json (>= 1.4.6)
    gherkin (2.7.6-java)
      json (>= 1.4.6)
    json (1.7.5)
    json (1.7.5-java)
    parallel (0.6.4)
    rake (10.0.3)
    rspec (2.13.0)
      rspec-core (~> 2.13.0)
      rspec-expectations (~> 2.13.0)
      rspec-mocks (~> 2.13.0)
    rspec-core (2.13.1)
    rspec-expectations (2.13.0)
      diff-lcs (>= 1.1.3, < 2.0)
    rspec-mocks (2.13.1)
    term-ansicolor (1.0.7)
    test-unit (2.4.4)

PLATFORMS
  java
  ruby

DEPENDENCIES
  bump
  cucumber
  parallel_tests!
  rake
  rspec (>= 2.4)
  test-unit
