PATH
  remote: .
  specs:
    parallel_tests (0.16.2)
      parallel

GEM
  remote: https://rubygems.org/
  specs:
    builder (3.2.0)
    bump (0.3.8)
    colorize (0.5.8)
    cucumber (1.3.2)
      builder (>= 2.1.2)
      diff-lcs (>= 1.1.3)
      gherkin (~> 2.12.0)
      multi_json (~> 1.3)
    diff-lcs (1.2.4)
    gherkin (2.12.2)
      multi_json (~> 1.3)
    gherkin (2.12.2-java)
      multi_json (~> 1.3)
    gherkin-ruby (0.3.0)
    json (1.7.7)
    json (1.7.7-java)
    multi_json (1.7.4)
    parallel (0.9.0)
    rake (10.0.3)
    rspec (2.13.0)
      rspec-core (~> 2.13.0)
      rspec-expectations (~> 2.13.0)
      rspec-mocks (~> 2.13.0)
    rspec-core (2.13.1)
    rspec-expectations (2.13.0)
      diff-lcs (>= 1.1.3, < 2.0)
    rspec-mocks (2.13.1)
    spinach (0.8.3)
      colorize (= 0.5.8)
      gherkin-ruby (~> 0.3.0)
    test-unit (2.4.4)

PLATFORMS
  java
  ruby

DEPENDENCIES
  bump
  cucumber
  json (~> 1.7.7)
  parallel_tests!
  rake
  rspec (>= 2.4)
  spinach
  test-unit
