PATH
  remote: .
  specs:
    parallel_tests (2.31.0)
      parallel

GEM
  remote: https://rubygems.org/
  specs:
    backports (3.11.4)
    builder (3.2.3)
    bump (0.5.3)
    colorize (0.8.1)
    cucumber (3.1.2)
      builder (>= 2.1.2)
      cucumber-core (~> 3.2.0)
      cucumber-expressions (~> 6.0.1)
      cucumber-wire (~> 0.0.1)
      diff-lcs (~> 1.3)
      gherkin (~> 5.1.0)
      multi_json (>= 1.7.5, < 2.0)
      multi_test (>= 0.1.2)
    cucumber-core (3.2.1)
      backports (>= 3.8.0)
      cucumber-tag_expressions (~> 1.1.0)
      gherkin (~> 5.0)
    cucumber-expressions (6.0.1)
    cucumber-tag_expressions (1.1.1)
    cucumber-wire (0.0.1)
    diff-lcs (1.3)
    gherkin (5.1.0)
    gherkin-ruby (0.3.2)
    json (2.3.0)
    json (2.3.0-java)
    minitest (5.5.1)
    multi_json (1.13.1)
    multi_test (0.1.2)
    parallel (1.19.1)
    power_assert (0.4.1)
    rake (13.0.1)
    rspec (3.5.0)
      rspec-core (~> 3.5.0)
      rspec-expectations (~> 3.5.0)
      rspec-mocks (~> 3.5.0)
    rspec-core (3.5.4)
      rspec-support (~> 3.5.0)
    rspec-expectations (3.5.0)
      diff-lcs (>= 1.2.0, < 2.0)
      rspec-support (~> 3.5.0)
    rspec-mocks (3.5.0)
      diff-lcs (>= 1.2.0, < 2.0)
      rspec-support (~> 3.5.0)
    rspec-support (3.5.0)
    spinach (0.9.0)
      colorize
      gherkin-ruby (>= 0.3.2)
      json
    test-unit (3.2.3)
      power_assert

PLATFORMS
  java
  ruby
  x64-mingw32

DEPENDENCIES
  bump
  cucumber (~> 3.0)
  minitest (~> 5.5.0)
  parallel_tests!
  rake
  rspec (~> 3.3)
  spinach
  test-unit

BUNDLED WITH
   1.17.3
