PATH
  remote: .
  specs:
    parallel_tests (1.0.6)
      parallel

GEM
  remote: https://rubygems.org/
  specs:
    builder (3.2.2)
    bump (0.3.8)
    colorize (0.5.8)
    cucumber (1.3.10)
      builder (>= 2.1.2)
      diff-lcs (>= 1.1.3)
      gherkin (~> 2.12)
      multi_json (>= 1.7.5, < 2.0)
      multi_test (>= 0.0.2)
    diff-lcs (1.2.5)
    gherkin (2.12.2)
      multi_json (~> 1.3)
    gherkin (2.12.2-java)
      multi_json (~> 1.3)
    gherkin-ruby (0.3.0)
    multi_json (1.8.2)
    multi_test (0.0.2)
    parallel (1.2.2)
    rake (10.0.3)
    rspec (2.13.0)
      rspec-core (~> 2.13.0)
      rspec-expectations (~> 2.13.0)
      rspec-mocks (~> 2.13.0)
    rspec-core (2.13.1)
    rspec-expectations (2.13.0)
      diff-lcs (>= 1.1.3, < 2.0)
    rspec-mocks (2.13.1)
    spinach (0.8.3)
      colorize (= 0.5.8)
      gherkin-ruby (~> 0.3.0)
    test-unit (2.4.4)

PLATFORMS
  java
  ruby

DEPENDENCIES
  bump
  cucumber
  parallel_tests!
  rake
  rspec (>= 2.4)
  spinach
  test-unit
