PATH
  remote: ../../../
  specs:
    parallel_tests (1.3.7)
      parallel

GEM
  remote: https://rubygems.org/
  specs:
    minitest (4.7.5)
    parallel (1.4.0)

PLATFORMS
  ruby

DEPENDENCIES
  minitest (~> 4.7.5)
  parallel_tests!
