PATH
  remote: ../../../
  specs:
    parallel_tests (1.6.1)
      parallel

GEM
  remote: https://rubygems.org/
  specs:
    minitest (4.7.5)
    parallel (1.6.1)

PLATFORMS
  ruby

DEPENDENCIES
  minitest (~> 4.7.5)
  parallel_tests!

BUNDLED WITH
   1.10.6
