PATH
  remote: ../../../
  specs:
    parallel_tests (2.10.0)
      parallel

GEM
  remote: https://rubygems.org/
  specs:
    minitest (4.7.5)
    parallel (1.9.0)

PLATFORMS
  ruby

DEPENDENCIES
  minitest (~> 4.7.5)
  parallel_tests!

BUNDLED WITH
   1.12.5
